PATH
  remote: .
  specs:
    activerecord-sort (6.1.0.0)
      activerecord (>= 6.1.0)
      arel-extensions (>= 6.1.0)

GEM
  remote: https://rubygems.org/
  specs:
    activemodel (6.1.3)
      activesupport (= 6.1.3)
    activerecord (6.1.3)
      activemodel (= 6.1.3)
      activesupport (= 6.1.3)
    activesupport (6.1.3)
      concurrent-ruby (~> 1.0, >= 1.0.2)
      i18n (>= 1.6, < 2)
      minitest (>= 5.1)
      tzinfo (~> 2.0)
      zeitwerk (~> 2.3)
    addressable (2.7.0)
      public_suffix (>= 2.0.2, < 5.0)
    ansi (1.5.0)
    arel-extensions (6.1.0)
      activerecord (>= 6.1.0)
    builder (3.2.4)
    concurrent-ruby (1.1.8)
    cookie_store (0.1.4)
    crack (0.4.5)
      rexml
    docile (1.3.4)
    factory_bot (6.1.0)
      activesupport (>= 5.0.0)
    faker (2.15.1)
      i18n (>= 1.6, < 2)
    hashdiff (1.0.1)
    i18n (1.8.9)
      concurrent-ruby (~> 1.0)
    minitest (5.14.2)
    minitest-reporters (1.4.2)
      ansi
      builder
      minitest (>= 5.0)
      ruby-progressbar
    msgpack (1.4.2)
    pg (1.2.3)
    public_suffix (4.0.6)
    rake (13.0.3)
    rexml (3.2.4)
    ruby-progressbar (1.10.1)
    simplecov (0.20.0)
      docile (~> 1.1)
      simplecov-html (~> 0.11)
      simplecov_json_formatter (~> 0.1)
    simplecov-html (0.12.3)
    simplecov_json_formatter (0.1.2)
    sunstone (6.1.0.1)
      activerecord (>= 6.1.0)
      arel-extensions (>= 6.1.0)
      cookie_store
      msgpack
    tzinfo (2.0.4)
      concurrent-ruby (~> 1.0)
    webmock (3.11.0)
      addressable (>= 2.3.6)
      crack (>= 0.3.2)
      hashdiff (>= 0.4.0, < 2.0.0)
    zeitwerk (2.4.2)

PLATFORMS
  ruby

DEPENDENCIES
  activerecord-sort!
  bundler
  factory_bot
  faker
  minitest
  minitest-reporters
  pg
  rake
  simplecov
  sunstone (>= 6.1.0)
  webmock

BUNDLED WITH
   1.17.3
