PATH
  remote: .
  specs:
    activerecord-sort (6.0.0.2)
      activerecord (>= 6.0.0)
      arel-extensions (>= 6.0.0.6)

GEM
  remote: https://rubygems.org/
  specs:
    activemodel (6.0.0)
      activesupport (= 6.0.0)
    activerecord (6.0.0)
      activemodel (= 6.0.0)
      activesupport (= 6.0.0)
    activesupport (6.0.0)
      concurrent-ruby (~> 1.0, >= 1.0.2)
      i18n (>= 0.7, < 2)
      minitest (~> 5.1)
      tzinfo (~> 1.1)
      zeitwerk (~> 2.1, >= 2.1.8)
    addressable (2.7.0)
      public_suffix (>= 2.0.2, < 5.0)
    ansi (1.5.0)
    arel-extensions (6.0.0.6)
      activerecord (>= 6.0.0)
    builder (3.2.3)
    concurrent-ruby (1.1.5)
    cookie_store (0.1.4)
    crack (0.4.3)
      safe_yaml (~> 1.0.0)
    docile (1.3.2)
    factory_bot (5.0.2)
      activesupport (>= 4.2.0)
    faker (2.1.2)
      i18n (>= 0.8)
    hashdiff (1.0.0)
    i18n (1.6.0)
      concurrent-ruby (~> 1.0)
    json (2.2.0)
    minitest (5.11.3)
    minitest-reporters (1.3.8)
      ansi
      builder
      minitest (>= 5.0)
      ruby-progressbar
    msgpack (1.3.1)
    pg (1.1.4)
    public_suffix (4.0.1)
    rake (12.3.3)
    ruby-progressbar (1.10.1)
    safe_yaml (1.0.5)
    simplecov (0.17.0)
      docile (~> 1.1)
      json (>= 1.8, < 3)
      simplecov-html (~> 0.10.0)
    simplecov-html (0.10.2)
    sunstone (6.0.0.5)
      activerecord (>= 6.0.0.rc1)
      cookie_store
      msgpack
    thread_safe (0.3.6)
    tzinfo (1.2.5)
      thread_safe (~> 0.1)
    webmock (3.7.6)
      addressable (>= 2.3.6)
      crack (>= 0.3.2)
      hashdiff (>= 0.4.0, < 2.0.0)
    zeitwerk (2.1.9)

PLATFORMS
  ruby

DEPENDENCIES
  activerecord-sort!
  bundler
  factory_bot
  faker
  minitest
  minitest-reporters
  pg
  rake
  simplecov
  sunstone
  webmock

BUNDLED WITH
   1.17.3
